GEM
  remote: https://rubygems.org/
  specs:
    coderay (1.1.3)
    golden (0.0.1)
      thor (~> 1.1)
    method_source (1.0.0)
    pry (0.14.0)
      coderay (~> 1.1)
      method_source (~> 1.0)
    thor (1.1.0)

PLATFORMS
  x86_64-linux

DEPENDENCIES
  golden (~> 0.0.1)
  pry (~> 0.14.0)

BUNDLED WITH
   2.2.9
